PATH
  remote: .
  specs:
    rplidar (0.1.2)
      rubyserial (~> 0.6)

GEM
  remote: https://rubygems.org/
  specs:
    ast (2.4.0)
    codecov (0.1.10)
      json
      simplecov
      url
    diff-lcs (1.3)
    docile (1.3.0)
    ffi (1.9.25)
    jaro_winkler (1.5.1)
    json (2.1.0)
    parallel (1.12.1)
    parser (2.5.1.2)
      ast (~> 2.4.0)
    powerpack (0.1.2)
    rainbow (3.0.0)
    rake (10.5.0)
    rspec (3.7.0)
      rspec-core (~> 3.7.0)
      rspec-expectations (~> 3.7.0)
      rspec-mocks (~> 3.7.0)
    rspec-core (3.7.1)
      rspec-support (~> 3.7.0)
    rspec-expectations (3.7.0)
      diff-lcs (>= 1.2.0, < 2.0)
      rspec-support (~> 3.7.0)
    rspec-mocks (3.7.0)
      diff-lcs (>= 1.2.0, < 2.0)
      rspec-support (~> 3.7.0)
    rspec-support (3.7.1)
    rubocop (0.58.2)
      jaro_winkler (~> 1.5.1)
      parallel (~> 1.10)
      parser (>= 2.5, != 2.5.1.1)
      powerpack (~> 0.1)
      rainbow (>= 2.2.2, < 4.0)
      ruby-progressbar (~> 1.7)
      unicode-display_width (~> 1.0, >= 1.0.1)
    rubocop-rspec (1.29.0)
      rubocop (>= 0.58.0)
    ruby-progressbar (1.10.0)
    rubyserial (0.6.0)
      ffi (~> 1.9, >= 1.9.3)
    simplecov (0.16.1)
      docile (~> 1.1)
      json (>= 1.8, < 3)
      simplecov-html (~> 0.10.0)
    simplecov-html (0.10.2)
    unicode-display_width (1.4.0)
    url (0.3.2)

PLATFORMS
  ruby

DEPENDENCIES
  bundler (~> 1.16)
  codecov
  rake (~> 10.0)
  rplidar!
  rspec (~> 3.0)
  rubocop-rspec

BUNDLED WITH
   1.16.4
